PATH
  remote: .
  specs:
    aws-ri-convert (0.1.0)
      aws-sdk-costexplorer (= 1.14.0)
      aws-sdk-ec2 (= 1.59.0)
      aws-sdk-pricing (= 1.6.0)
      optimist (= 3.0.0)

GEM
  remote: https://rubygems.org/
  specs:
    aws-eventstream (1.0.1)
    aws-partitions (1.143.0)
    aws-sdk-core (3.46.2)
      aws-eventstream (~> 1.0)
      aws-partitions (~> 1.0)
      aws-sigv4 (~> 1.0)
      jmespath (~> 1.0)
    aws-sdk-costexplorer (1.14.0)
      aws-sdk-core (~> 3, >= 3.39.0)
      aws-sigv4 (~> 1.0)
    aws-sdk-ec2 (1.59.0)
      aws-sdk-core (~> 3, >= 3.39.0)
      aws-sigv4 (~> 1.0)
    aws-sdk-pricing (1.6.0)
      aws-sdk-core (~> 3, >= 3.39.0)
      aws-sigv4 (~> 1.0)
    aws-sigv4 (1.0.3)
    jmespath (1.4.0)
    optimist (3.0.0)
    rake (13.0.1)

PLATFORMS
  ruby

DEPENDENCIES
  aws-ri-convert!
  bundler (~> 1.16)
  rake (~> 13.0)

BUNDLED WITH
   1.16.2
